RESTRICTION: == net46
NUGET
  remote: http://www.nuget.org/api/v2
    EventStore.Client (3.0)
    FSharp.Core (4.2.3)
    Newtonsoft.Json (6.0.5)
    NUnit (2.6.4)
    NUnit.Runners (2.6.4)
GITHUB
  remote: forki/FsUnit
    FsUnit.fs (f536bd5ed0eba8b38d2b01ae79d64e4e14fbd0a6)